GEM
  remote: http://rubygems.org/
  specs:
    activemodel (4.1.6)
      activesupport (= 4.1.6)
      builder (~> 3.1)
    activerecord (4.1.6)
      activemodel (= 4.1.6)
      activesupport (= 4.1.6)
      arel (~> 5.0.0)
    activesupport (4.1.6)
      i18n (~> 0.6, >= 0.6.9)
      json (~> 1.7, >= 1.7.7)
      minitest (~> 5.1)
      thread_safe (~> 0.1)
      tzinfo (~> 1.1)
    arel (5.0.1.20140414130214)
    awesome_print (1.2.0)
    axiom-types (0.1.1)
      descendants_tracker (~> 0.0.4)
      ice_nine (~> 0.11.0)
      thread_safe (~> 0.3, >= 0.3.1)
    builder (3.2.2)
    coercible (1.0.0)
      descendants_tracker (~> 0.0.1)
    configatron (4.2.0)
    daemons (1.1.9)
    descendants_tracker (0.0.4)
      thread_safe (~> 0.3, >= 0.3.1)
    equalizer (0.0.9)
    eventmachine (1.0.3)
    fastercsv (1.5.5)
    gon-sinatra (0.1.0)
      sinatra
    grape (0.7.0)
      activesupport
      builder
      hashie (>= 1.2.0)
      multi_json (>= 1.3.2)
      multi_xml (>= 0.5.2)
      rack (>= 1.3.0)
      rack-accept
      rack-mount
      virtus (>= 1.0.0)
    grape-rabl (0.3.0)
      grape
      i18n
      rabl
      tilt
    grape-swagger (0.6.0)
      grape (>= 0.2.0)
      kramdown
    hashie (3.3.1)
    httparty (0.13.1)
      json (~> 1.8)
      multi_xml (>= 0.5.2)
    i18n (0.6.11)
    ice_nine (0.11.0)
    jsmin (1.0.1)
    json (1.8.1)
    jsonpath (0.5.6)
      multi_json
    kramdown (1.3.3)
    leaflet-rails (0.7.4)
    minitest (5.4.2)
    multi_json (1.10.1)
    multi_xml (0.5.5)
    oj (2.10.3)
    rabl (0.11.0)
      activesupport (>= 2.3.14)
    rack (1.5.2)
    rack-accept (0.4.5)
      rack (>= 0.4)
    rack-cors (0.2.9)
    rack-mount (0.8.3)
      rack (>= 1.0.0)
    rack-protection (1.5.3)
      rack
    rack-test (0.6.2)
      rack (>= 1.0)
    shotgun (0.9)
      rack (>= 1.0)
    sinatra (1.4.5)
      rack (~> 1.4)
      rack-protection (~> 1.4)
      tilt (~> 1.3, >= 1.3.4)
    sinatra-activerecord (2.0.2)
      activerecord (>= 3.2)
      sinatra (~> 1.0)
    sinatra-assetpack (0.3.3)
      jsmin
      rack-test
      sinatra
      tilt (>= 1.3.0, < 2.0)
    sinatra-initializers (0.1.4)
    soda-ruby (0.2.12)
      hashie
    sqlite3 (1.3.9)
    thin (1.6.2)
      daemons (>= 1.0.9)
      eventmachine (>= 1.0.0)
      rack (>= 1.0.0)
    thread_safe (0.3.4)
    tilt (1.4.1)
    tzinfo (1.2.2)
      thread_safe (~> 0.1)
    virtus (1.0.2)
      axiom-types (~> 0.1)
      coercible (~> 1.0)
      descendants_tracker (~> 0.0.3)
      equalizer (~> 0.0.9)

PLATFORMS
  ruby

DEPENDENCIES
  awesome_print
  configatron
  fastercsv
  gon-sinatra
  grape
  grape-rabl
  grape-swagger
  hashie
  httparty
  json
  jsonpath
  leaflet-rails
  oj
  rabl
  rack-cors
  shotgun
  sinatra
  sinatra-activerecord
  sinatra-assetpack
  sinatra-initializers
  soda-ruby
  sqlite3
  thin
